GEM
  remote: https://rubygems.org/
  specs:
    chunky_png (1.3.8)
    compass (1.0.3)
      chunky_png (~> 1.2)
      compass-core (~> 1.0.2)
      compass-import-once (~> 1.0.5)
      rb-fsevent (>= 0.9.3)
      rb-inotify (>= 0.9)
      sass (>= 3.3.13, < 3.5)
    compass-core (1.0.3)
      multi_json (~> 1.0)
      sass (>= 3.3.0, < 3.5)
    compass-import-once (1.0.5)
      sass (>= 3.2, < 3.5)
    ffi (1.9.14)
    kramdown (1.13.1)
    mime-types (3.1)
      mime-types-data (~> 3.2015)
    mime-types-data (3.2016.0521)
    mini_portile2 (2.1.0)
    multi_json (1.12.1)
    nokogiri (1.6.8.1)
      mini_portile2 (~> 2.1.0)
    prophecy (0.2.7)
      compass (>= 0.12.2)
      kramdown (>= 1.2.0)
      mime-types (>= 1.25)
      nokogiri (>= 1.6.0)
      roman-numerals (>= 0.3.0)
      thor (~> 0.18)
    rb-fsevent (0.9.8)
    rb-inotify (0.9.7)
      ffi (>= 0.5.0)
    roman-numerals (0.3.0)
    sass (3.4.22)
    thor (0.19.4)

PLATFORMS
  ruby

DEPENDENCIES
  prophecy (~> 0.2.7)

BUNDLED WITH
   1.12.5
